GIT
  remote: https://github.com/wilkie/ffi-clang
  revision: 8b2e39b567e9915819bbacbdcc8d84a8ab6bd1e3
  specs:
    ffi-clang (0.1.3)
      ffi

GEM
  remote: https://rubygems.org/
  specs:
    ffi (1.9.0)
    haml (4.0.3)
      tilt
    redcarpet (3.0.0)
    tilt (1.4.1)

PLATFORMS
  ruby

DEPENDENCIES
  ffi-clang!
  haml
  redcarpet
  tilt
