PATH
  remote: ~/ffi-clang
  specs:
    ffi-clang (0.1.3)
      ffi

GEM
  remote: https://rubygems.org/
  specs:
    ffi (1.9.0)
    ffi (1.9.0-x86-mingw32)
    haml (4.0.3)
      tilt
    redcarpet (3.0.0)
    tilt (1.4.1)

PLATFORMS
  ruby
  x86-mingw32

DEPENDENCIES
  ffi-clang!
  haml
  redcarpet
  tilt
